REDIRECTS: FORCE
RESTRICTION: == netstandard2.0
NUGET
  remote: https://api.nuget.org/v3/index.json
    FSharp.Configuration (1.4)
      FSharp.Core (>= 4.0.0.1)
    FSharp.Core (4.3.4)
    FSharp.Data.SqlClient (1.8.2)
    Microsoft.AspNet.WebApi (5.2.5)
      Microsoft.AspNet.WebApi.WebHost (>= 5.2.5 < 5.3)
    Microsoft.AspNet.WebApi.Client (5.2.5)
      Newtonsoft.Json (>= 10.0.1)
      Newtonsoft.Json.Bson (>= 1.0.1)
    Microsoft.AspNet.WebApi.Core (5.2.5)
      Microsoft.AspNet.WebApi.Client (>= 5.2.5)
    Microsoft.AspNet.WebApi.WebHost (5.2.5)
      Microsoft.AspNet.WebApi.Core (>= 5.2.5 < 5.3)
    Microsoft.NETCore.Platforms (2.0.2)
    Microsoft.NETCore.Targets (2.0)
    Microsoft.SqlServer.TransactSql.ScriptDom (14.0.3811.1)
    Microsoft.Win32.Registry (4.4)
      System.Security.AccessControl (>= 4.4)
      System.Security.Principal.Windows (>= 4.4)
    NETStandard.Library (2.0.3)
      Microsoft.NETCore.Platforms (>= 1.1)
    Newtonsoft.Json (11.0.2)
    Newtonsoft.Json.Bson (1.0.1)
      NETStandard.Library (>= 1.6.1)
      Newtonsoft.Json (>= 10.0.1)
    runtime.native.System.Data.SqlClient.sni (4.4)
      runtime.win-arm64.runtime.native.System.Data.SqlClient.sni (>= 4.4)
      runtime.win-x64.runtime.native.System.Data.SqlClient.sni (>= 4.4)
      runtime.win-x86.runtime.native.System.Data.SqlClient.sni (>= 4.4)
    runtime.win-arm64.runtime.native.System.Data.SqlClient.sni (4.4)
    runtime.win-x64.runtime.native.System.Data.SqlClient.sni (4.4)
    runtime.win-x86.runtime.native.System.Data.SqlClient.sni (4.4)
    System.Collections (4.3)
      Microsoft.NETCore.Platforms (>= 1.1)
      Microsoft.NETCore.Targets (>= 1.1)
      System.Runtime (>= 4.3)
    System.Configuration.ConfigurationManager (4.4.1)
      System.Security.Cryptography.ProtectedData (>= 4.4)
    System.Data.Common (4.3)
      System.Collections (>= 4.3)
      System.Globalization (>= 4.3)
      System.IO (>= 4.3)
      System.Resources.ResourceManager (>= 4.3)
      System.Runtime (>= 4.3)
      System.Runtime.Extensions (>= 4.3)
      System.Text.RegularExpressions (>= 4.3)
      System.Threading.Tasks (>= 4.3)
    System.Data.SqlClient (4.4.3)
      Microsoft.Win32.Registry (>= 4.4)
      runtime.native.System.Data.SqlClient.sni (>= 4.4)
      System.Diagnostics.DiagnosticSource (>= 4.4.1)
      System.Security.Principal.Windows (>= 4.4)
      System.Text.Encoding.CodePages (>= 4.4)
    System.Diagnostics.Debug (4.3)
      Microsoft.NETCore.Platforms (>= 1.1)
      Microsoft.NETCore.Targets (>= 1.1)
      System.Runtime (>= 4.3)
    System.Diagnostics.DiagnosticSource (4.4.1)
      System.Collections (>= 4.3)
      System.Diagnostics.Debug (>= 4.3)
      System.Diagnostics.Tracing (>= 4.3)
      System.Reflection (>= 4.3)
      System.Runtime (>= 4.3)
      System.Runtime.Extensions (>= 4.3)
      System.Threading (>= 4.3)
    System.Diagnostics.Tracing (4.3)
      Microsoft.NETCore.Platforms (>= 1.1)
      Microsoft.NETCore.Targets (>= 1.1)
      System.Runtime (>= 4.3)
    System.Globalization (4.3)
      Microsoft.NETCore.Platforms (>= 1.1)
      Microsoft.NETCore.Targets (>= 1.1)
      System.Runtime (>= 4.3)
    System.IO (4.3)
      Microsoft.NETCore.Platforms (>= 1.1)
      Microsoft.NETCore.Targets (>= 1.1)
      System.Runtime (>= 4.3)
      System.Text.Encoding (>= 4.3)
      System.Threading.Tasks (>= 4.3)
    System.Reflection (4.3)
      Microsoft.NETCore.Platforms (>= 1.1)
      Microsoft.NETCore.Targets (>= 1.1)
      System.IO (>= 4.3)
      System.Reflection.Primitives (>= 4.3)
      System.Runtime (>= 4.3)
    System.Reflection.Primitives (4.3)
      Microsoft.NETCore.Platforms (>= 1.1)
      Microsoft.NETCore.Targets (>= 1.1)
      System.Runtime (>= 4.3)
    System.Resources.ResourceManager (4.3)
      Microsoft.NETCore.Platforms (>= 1.1)
      Microsoft.NETCore.Targets (>= 1.1)
      System.Globalization (>= 4.3)
      System.Reflection (>= 4.3)
      System.Runtime (>= 4.3)
    System.Runtime (4.3)
      Microsoft.NETCore.Platforms (>= 1.1)
      Microsoft.NETCore.Targets (>= 1.1)
    System.Runtime.Caching (4.5.0-rc1)
    System.Runtime.Extensions (4.3)
      Microsoft.NETCore.Platforms (>= 1.1)
      Microsoft.NETCore.Targets (>= 1.1)
      System.Runtime (>= 4.3)
    System.Security.AccessControl (4.4.1)
      System.Security.Principal.Windows (>= 4.4)
    System.Security.Cryptography.ProtectedData (4.4)
    System.Security.Principal.Windows (4.4.1)
    System.Text.Encoding (4.3)
      Microsoft.NETCore.Platforms (>= 1.1)
      Microsoft.NETCore.Targets (>= 1.1)
      System.Runtime (>= 4.3)
    System.Text.Encoding.CodePages (4.4)
    System.Text.RegularExpressions (4.3)
      System.Collections (>= 4.3)
      System.Globalization (>= 4.3)
      System.Resources.ResourceManager (>= 4.3)
      System.Runtime (>= 4.3)
      System.Runtime.Extensions (>= 4.3)
      System.Threading (>= 4.3)
    System.Threading (4.3)
      System.Runtime (>= 4.3)
      System.Threading.Tasks (>= 4.3)
    System.Threading.Tasks (4.3)
      Microsoft.NETCore.Platforms (>= 1.1)
      Microsoft.NETCore.Targets (>= 1.1)
      System.Runtime (>= 4.3)
    xunit (2.3.1)
      xunit.analyzers (>= 0.7)
      xunit.assert (2.3.1)
      xunit.core (2.3.1)
    xunit.abstractions (2.0.1)
      NETStandard.Library (>= 1.6)
    xunit.analyzers (0.8)
    xunit.assert (2.3.1)
      NETStandard.Library (>= 1.6.1)
    xunit.core (2.3.1)
      xunit.extensibility.core (2.3.1)
      xunit.extensibility.execution (2.3.1)
    xunit.extensibility.core (2.3.1)
      NETStandard.Library (>= 1.6.1)
      xunit.abstractions (>= 2.0.1)
    xunit.extensibility.execution (2.3.1)
      NETStandard.Library (>= 1.6.1)
      xunit.extensibility.core (2.3.1)
    xunit.runner.visualstudio (2.3.1)
GITHUB
  remote: fsprojects/FSharp.TypeProviders.SDK
    src/ProvidedTypes.fs (f0c4a6300db313eb2616c4f792cd6ae68c255e56)
    src/ProvidedTypes.fsi (f0c4a6300db313eb2616c4f792cd6ae68c255e56)
    src/ProvidedTypesTesting.fs (f0c4a6300db313eb2616c4f792cd6ae68c255e56)